FRAMEWORK: >= NET462
NUGET
  remote: https://api.nuget.org/v3/index.json
    FSharp.Core (4.0.0.1)
    FsUnit.xUnit (1.4.1)
      FSharp.Core (>= 3.1.2.5)
      xunit (2.1)
    Microsoft.FSharpLu.Json (0.9.6073.20898)
      Newtonsoft.Json (>= 8.0.3)
    Newtonsoft.Json (9.0.1)
    Suave (1.1.3)
      FSharp.Core (>= 3.1.2.5)
    System.ValueTuple (4.3)
    Unquote (3.1.2)
    xunit (2.1)
      xunit.assert (2.1)
      xunit.core (2.1)
    xunit.abstractions (2.0)
    xunit.assert (2.1)
    xunit.core (2.1)
      xunit.extensibility.core (2.1)
      xunit.extensibility.execution (2.1)
    xunit.extensibility.core (2.1)
      xunit.abstractions (2.0)
    xunit.extensibility.execution (2.1)
      xunit.extensibility.core (2.1)
    xunit.runner.visualstudio (2.1.0) - version_in_path: true
