FRAMEWORK: >= NET462
NUGET
  remote: https://api.nuget.org/v3/index.json
    FSharp.Core (4.0.0.1)
    Microsoft.FSharpLu.Json (0.9.6073.20898)
      Newtonsoft.Json (>= 8.0.3)
    Newtonsoft.Json (9.0.1)
    Suave (1.1.3)
      FSharp.Core (>= 3.1.2.5)
    System.ValueTuple (4.3)
