FRAMEWORK: >= NET462
NUGET
  remote: https://api.nuget.org/v3/index.json
    FSharp.Control.Reactive (3.5)
      System.Reactive (>= 3.0)
    FSharp.Core (4.1.12)
      System.ValueTuple (>= 4.3)
    FsUnit.xUnit (1.4.1)
      FSharp.Core (>= 3.1.2.5)
      xunit (2.1)
    Microsoft.Azure.DocumentDB (1.13.1)
      Newtonsoft.Json (>= 6.0.8)
    Microsoft.FSharpLu.Json (0.9.6073.20898)
      Newtonsoft.Json (>= 8.0.3)
    Newtonsoft.Json (9.0.1)
    Suave (1.1.3)
      FSharp.Core (>= 3.1.2.5)
    System.Reactive (3.1.1)
      System.Reactive.PlatformServices (>= 3.1.1)
      System.Reactive.Windows.Threading (>= 3.1.1)
    System.Reactive.Core (3.1.1)
      System.Reactive.Interfaces (>= 3.1.1)
    System.Reactive.Interfaces (3.1.1)
    System.Reactive.Linq (3.1.1)
      System.Reactive.Core (>= 3.1.1)
    System.Reactive.PlatformServices (3.1.1)
      System.Reactive.Linq (>= 3.1.1)
    System.Reactive.Windows.Threading (3.1.1)
      System.Reactive.Core (>= 3.1.1)
    System.ValueTuple (4.3)
    Unquote (3.1.2)
    xunit (2.1)
      xunit.assert (2.1)
      xunit.core (2.1)
    xunit.abstractions (2.0)
    xunit.assert (2.1)
    xunit.core (2.1)
      xunit.extensibility.core (2.1)
      xunit.extensibility.execution (2.1)
    xunit.extensibility.core (2.1)
      xunit.abstractions (2.0)
    xunit.extensibility.execution (2.1)
      xunit.extensibility.core (2.1)
    xunit.runner.visualstudio (2.1.0) - version_in_path: true
